GEM
  remote: https://rubygems.org/
  specs:
    dotenv (2.2.1)
    geocoder (1.4.5)

PLATFORMS
  ruby

DEPENDENCIES
  dotenv
  geocoder

BUNDLED WITH
   1.16.1
