GEM
  remote: https://rubygems.org/
  specs:
    geocoder (1.4.5)

PLATFORMS
  ruby

DEPENDENCIES
  geocoder

BUNDLED WITH
   1.16.1
